ObjectType = Image
NDims = 3
BinaryData = True
BinaryDataByteOrderMSB = True
DimSize = 320 528 228
ElementSize = 25.0 25.0 25.0
ElementType = MET_FLOAT
ElementDataFile = annotation_25_half_sagittal.raw
